PATH
  remote: .
  specs:
    sparql-client (0.1.1)
      json_pure (>= 1.6.5)
      net-http-persistent (>= 1.4.1)
      rdf (>= 0.3.5)

GEM
  remote: http://rubygems.org/
  specs:
    addressable (2.2.8)
    diff-lcs (1.1.3)
    json_pure (1.7.3)
    net-http-persistent (2.6)
    rack (1.4.1)
    rdf (0.3.5.2)
      addressable (>= 2.2.6)
    rdf-spec (0.3.5.1)
      rspec (>= 2.8.0)
    rspec (2.10.0)
      rspec-core (~> 2.10.0)
      rspec-expectations (~> 2.10.0)
      rspec-mocks (~> 2.10.0)
    rspec-core (2.10.1)
    rspec-expectations (2.10.0)
      diff-lcs (~> 1.1.3)
    rspec-mocks (2.10.1)
    shotgun (0.9)
      rack (>= 1.0)
    wirble (0.1.3)
    yard (0.8.1)

PLATFORMS
  ruby

DEPENDENCIES
  rdf-spec (>= 0.3.5)
  rspec (>= 2.10.0)
  shotgun
  sparql-client!
  wirble
  yard (>= 0.7.5)
