GEM
  remote: http://rubygems.org/
  specs:
    addressable (2.2.4)
    diff-lcs (1.1.3)
    em-http-request (1.0.0)
      addressable (>= 2.2.3)
      em-socksify
      eventmachine (>= 1.0.0.beta.3)
      http_parser.rb (>= 0.5.2)
    em-socksify (0.1.0)
      eventmachine
    eventmachine (1.0.0.beta.3)
    http_parser.rb (0.5.2)
    json_pure (1.5.4)
      spruz (~> 0.2.8)
    net-http-persistent (1.4.1)
    rdf (0.3.3)
      addressable (= 2.2.4)
    rdf-spec (0.3.2)
      rspec (>= 2.1)
    rspec (2.6.0)
      rspec-core (~> 2.6.0)
      rspec-expectations (~> 2.6.0)
      rspec-mocks (~> 2.6.0)
    rspec-core (2.6.4)
    rspec-expectations (2.6.0)
      diff-lcs (~> 1.1.2)
    rspec-mocks (2.6.0)
    spruz (0.2.13)
    yard (0.7.2)

PLATFORMS
  ruby

DEPENDENCIES
  em-http-request
  eventmachine
  json_pure (>= 1.4.2)
  net-http-persistent (~> 1.4.1)
  rdf (~> 0.3.0)
  rdf-spec (~> 0.3.0)
  rspec (>= 2.1.0)
  yard (>= 0.6.0)
